PATH
  remote: .
  specs:
    ruby_regex (0.1.1)
      rake

GEM
  remote: https://rubygems.org/
  specs:
    rake (10.1.1)

PLATFORMS
  ruby

DEPENDENCIES
  ruby_regex!
