PATH
  remote: .
  specs:
    ruby_regex (0.1.2)

GEM
  remote: https://rubygems.org/
  specs:
    power_assert (0.4.1)
    rake (12.0.0)
    rdoc (5.0.0)
    test-unit (3.2.3)
      power_assert

PLATFORMS
  ruby

DEPENDENCIES
  rake
  rdoc
  ruby_regex!
  test-unit

BUNDLED WITH
   1.14.3
