PATH
  remote: .
  specs:
    ruby_regex (0.1.3)

GEM
  remote: https://rubygems.org/
  specs:
    power_assert (1.2.0)
    rake (13.0.1)
    rdoc (6.2.1)
    test-unit (3.3.5)
      power_assert

PLATFORMS
  ruby

DEPENDENCIES
  rake
  rdoc
  ruby_regex!
  test-unit

BUNDLED WITH
   2.1.0
